PATH
  remote: ../..
  specs:
    dusen (0.4.10)
      activerecord
      edge_rider (>= 0.2.5)

GEM
  remote: https://rubygems.org/
  specs:
    actionmailer (2.3.18)
      actionpack (= 2.3.18)
    actionpack (2.3.18)
      activesupport (= 2.3.18)
      rack (~> 1.1.0)
    activerecord (2.3.18)
      activesupport (= 2.3.18)
    activeresource (2.3.18)
      activesupport (= 2.3.18)
    activesupport (2.3.18)
    andand (1.3.3)
    columnize (0.3.6)
    database_cleaner (1.0.1)
    edge_rider (0.3.0)
      activerecord
    hoe (2.8.0)
      rake (>= 0.8.7)
    linecache (0.46)
      rbx-require-relative (> 0.0.4)
    mysql2 (0.2.18)
    rack (1.1.6)
    rails (2.3.18)
      actionmailer (= 2.3.18)
      actionpack (= 2.3.18)
      activerecord (= 2.3.18)
      activeresource (= 2.3.18)
      activesupport (= 2.3.18)
      rake (>= 0.8.3)
    rake (10.0.4)
    rbx-require-relative (0.0.9)
    rspec (1.3.2)
    rspec-rails (1.3.4)
      rack (>= 1.0.0)
      rspec (~> 1.3.1)
    ruby-debug (0.10.4)
      columnize (>= 0.1)
      ruby-debug-base (~> 0.10.4.0)
    ruby-debug-base (0.10.4)
      linecache (>= 0.3)
    test-unit (1.2.3)
      hoe (>= 1.5.1)

PLATFORMS
  ruby

DEPENDENCIES
  andand
  database_cleaner
  dusen!
  hoe (= 2.8.0)
  mysql2 (~> 0.2.0)
  rails (~> 2.3)
  rspec (~> 1.3)
  rspec-rails (~> 1.3)
  ruby-debug
  test-unit (~> 1.2)
